NUGET
  remote: https://www.nuget.org/api/v2
    FAKE (4.4.3)
    FSharp.Core (4.0.0.1)
    NUnit (2.6.4)
    NUnit.Runners (2.6.4)
